GEM
  remote: https://rubygems.org/
  specs:
    streamio-ffmpeg (1.0.0)
    thor (0.19.1)

PLATFORMS
  ruby

DEPENDENCIES
  streamio-ffmpeg
  thor

BUNDLED WITH
   1.10.6
